GEM
  remote: https://rubygems.org/
  specs:
    activesupport-inflector (0.1.0)
    addressable (2.3.8)
    anybase (0.0.14)
    axiom-types (0.1.1)
      descendants_tracker (~> 0.0.4)
      ice_nine (~> 0.11.0)
      thread_safe (~> 0.3, >= 0.3.1)
    coercible (1.0.0)
      descendants_tracker (~> 0.0.1)
    descendants_tracker (0.0.4)
      thread_safe (~> 0.3, >= 0.3.1)
    equalizer (0.0.11)
    ethon (0.7.4)
      ffi (>= 1.3.0)
    ffi (1.9.10)
    httparty (0.13.5)
      json (~> 1.8)
      multi_xml (>= 0.5.2)
    i18n (0.7.0)
    ice_nine (0.11.1)
    json (1.8.3)
    multi_json (1.11.2)
    multi_xml (0.5.5)
    redis (3.2.1)
    thread_safe (0.3.5)
    typhoeus (0.7.2)
      ethon (>= 0.7.4)
    virtus (1.0.5)
      axiom-types (~> 0.1)
      coercible (~> 1.0)
      descendants_tracker (~> 0.0, >= 0.0.3)
      equalizer (~> 0.0, >= 0.0.9)

PLATFORMS
  ruby

DEPENDENCIES
  activesupport-inflector
  addressable
  anybase
  httparty
  i18n
  multi_json
  redis
  typhoeus
  virtus
